GEM
  remote: https://rubygems.org/
  specs:
    byebug (11.1.3)
    rmagick (4.2.3)

PLATFORMS
  x86_64-linux

DEPENDENCIES
  byebug
  rmagick

BUNDLED WITH
   2.2.17
